GEM
  remote: https://rubygems.org/
  specs:
    coderay (1.1.0)
    docile (1.3.0)
    json (2.1.0)
    method_source (0.8.2)
    minitest (5.8.2)
    minitest-emoji (2.0.0)
    pry (0.10.3)
      coderay (~> 1.1.0)
      method_source (~> 0.8.1)
      slop (~> 3.4)
    rake (10.4.2)
    simplecov (0.16.1)
      docile (~> 1.1)
      json (>= 1.8, < 3)
      simplecov-html (~> 0.10.0)
    simplecov-html (0.10.2)
    slop (3.6.0)

PLATFORMS
  ruby

DEPENDENCIES
  minitest
  minitest-emoji
  pry
  rake
  simplecov

BUNDLED WITH
   1.16.1
